PATH
  remote: .
  specs:
    mp4v2-tags (0.0.1)
      ffi (~> 1.9)

GEM
  remote: https://rubygems.org/
  specs:
    ffi (1.9.18)
    rake (10.5.0)

PLATFORMS
  ruby

DEPENDENCIES
  bundler (~> 1.7)
  mp4v2-tags!
  rake (~> 10.0)

BUNDLED WITH
   1.15.1
