PATH
  remote: .
  specs:
    mp4v2-tags (0.0.1)
      ffi

GEM
  remote: https://rubygems.org/
  specs:
    ffi (1.9.6)
    rake (10.3.2)

PLATFORMS
  ruby

DEPENDENCIES
  bundler (~> 1.7)
  mp4v2-tags!
  rake (~> 10.0)
